PATH
  remote: .
  specs:
    logstash-input-confluence-cloud (0.1.0)
      connectors_sdk (= 8.3.0.0)
      logstash-codec-plain
      logstash-core-plugin-api (~> 2.0)
      stud (>= 0.0.22)

PATH
  remote: /Users/seanstory/Desktop/Dev/connectors
  specs:
    connectors_sdk (8.3.0.0)
      activesupport
      bson
      faraday
      faraday_middleware
      forwardable
      hashie
      httpclient
      mime-types
      nokogiri
      signet
      tzinfo-data
    connectors_stubs (8.3.0.0)
      activesupport

PATH
  remote: /Users/seanstory/Desktop/Dev/logstash/logstash-core-plugin-api
  specs:
    logstash-core-plugin-api (2.1.16-java)
      logstash-core (= 8.3.0)

PATH
  remote: /Users/seanstory/Desktop/Dev/logstash/logstash-core
  specs:
    logstash-core (8.3.0-java)
      clamp (~> 1)
      concurrent-ruby (~> 1, < 1.1.10)
      down (~> 5.2.0)
      elasticsearch (~> 7)
      filesize (~> 0.2)
      gems (~> 1)
      i18n (~> 1)
      jrjackson (= 0.4.14)
      jruby-openssl (~> 0.11)
      manticore (~> 0.6)
      minitar (~> 0.8)
      mustermann (~> 1.0.3)
      pry (~> 0.12)
      puma (~> 5, >= 5.6.2)
      racc (~> 1.5.2)
      rack (~> 2)
      rubyzip (~> 1)
      rufus-scheduler
      sinatra (~> 2.1.0)
      stud (~> 0.0.19)
      thread_safe (~> 0.3.6)
      treetop (~> 1)
      tzinfo-data

GEM
  remote: https://rubygems.org/
  specs:
    activesupport (6.1.6)
      concurrent-ruby (~> 1.0, >= 1.0.2)
      i18n (>= 1.6, < 2)
      minitest (>= 5.1)
      tzinfo (~> 2.0)
      zeitwerk (~> 2.3)
    addressable (2.8.0)
      public_suffix (>= 2.0.2, < 5.0)
    bson (4.15.0-java)
    clamp (1.3.2)
    coderay (1.1.3)
    concurrent-ruby (1.1.9)
    diff-lcs (1.5.0)
    down (5.2.4)
      addressable (~> 2.8)
    elasticsearch (7.17.1)
      elasticsearch-api (= 7.17.1)
      elasticsearch-transport (= 7.17.1)
    elasticsearch-api (7.17.1)
      multi_json
    elasticsearch-transport (7.17.1)
      faraday (~> 1)
      multi_json
    et-orbi (1.2.7)
      tzinfo
    faraday (1.10.0)
      faraday-em_http (~> 1.0)
      faraday-em_synchrony (~> 1.0)
      faraday-excon (~> 1.1)
      faraday-httpclient (~> 1.0)
      faraday-multipart (~> 1.0)
      faraday-net_http (~> 1.0)
      faraday-net_http_persistent (~> 1.0)
      faraday-patron (~> 1.0)
      faraday-rack (~> 1.0)
      faraday-retry (~> 1.0)
      ruby2_keywords (>= 0.0.4)
    faraday-em_http (1.0.0)
    faraday-em_synchrony (1.0.0)
    faraday-excon (1.1.0)
    faraday-httpclient (1.0.1)
    faraday-multipart (1.0.3)
      multipart-post (>= 1.2, < 3)
    faraday-net_http (1.0.1)
    faraday-net_http_persistent (1.2.0)
    faraday-patron (1.0.0)
    faraday-rack (1.0.0)
    faraday-retry (1.0.3)
    faraday_middleware (1.2.0)
      faraday (~> 1.0)
    ffi (1.15.5-java)
    filesize (0.2.0)
    fivemat (1.3.7)
    forwardable (1.3.2)
    fugit (1.5.3)
      et-orbi (~> 1, >= 1.2.7)
      raabro (~> 1.4)
    gem_publisher (1.5.0)
    gems (1.2.0)
    hashie (5.0.0)
    httpclient (2.8.3)
    i18n (1.10.0)
      concurrent-ruby (~> 1.0)
    jrjackson (0.4.14-java)
    jruby-openssl (0.13.0-java)
    jwt (2.3.0)
    kramdown (1.14.0)
    logstash-codec-plain (3.1.0)
      logstash-core-plugin-api (>= 1.60, <= 2.99)
      logstash-mixin-ecs_compatibility_support (~> 1.3)
      logstash-mixin-event_support (~> 1.0)
    logstash-devutils (2.4.0-java)
      fivemat
      gem_publisher
      kramdown (= 1.14.0)
      logstash-codec-plain
      logstash-core (>= 6.3)
      minitar
      rake
      rspec (~> 3.0)
      rspec-wait
      stud (>= 0.0.20)
    logstash-mixin-ecs_compatibility_support (1.3.0-java)
      logstash-core (>= 6.0.0)
    logstash-mixin-event_support (1.0.1-java)
      logstash-core (>= 6.8)
    manticore (0.8.0-java)
      openssl_pkcs8_pure
    method_source (1.0.0)
    mime-types (3.4.1)
      mime-types-data (~> 3.2015)
    mime-types-data (3.2022.0105)
    minitar (0.9)
    minitest (5.15.0)
    multi_json (1.15.0)
    multipart-post (2.1.1)
    mustermann (1.0.3)
    nio4r (2.5.8-java)
    nokogiri (1.13.6-java)
      racc (~> 1.4)
    openssl_pkcs8_pure (0.0.0.2)
    polyglot (0.3.5)
    pry (0.14.1-java)
      coderay (~> 1.1)
      method_source (~> 1.0)
      spoon (~> 0.0)
    public_suffix (4.0.7)
    puma (5.6.4-java)
      nio4r (~> 2.0)
    raabro (1.4.0)
    racc (1.5.2-java)
    rack (2.2.3)
    rack-protection (2.1.0)
      rack
    rake (13.0.6)
    rspec (3.11.0)
      rspec-core (~> 3.11.0)
      rspec-expectations (~> 3.11.0)
      rspec-mocks (~> 3.11.0)
    rspec-core (3.11.0)
      rspec-support (~> 3.11.0)
    rspec-expectations (3.11.0)
      diff-lcs (>= 1.2.0, < 2.0)
      rspec-support (~> 3.11.0)
    rspec-mocks (3.11.1)
      diff-lcs (>= 1.2.0, < 2.0)
      rspec-support (~> 3.11.0)
    rspec-support (3.11.0)
    rspec-wait (0.0.9)
      rspec (>= 3, < 4)
    ruby2_keywords (0.0.5)
    rubyzip (1.3.0)
    rufus-scheduler (3.8.1)
      fugit (~> 1.1, >= 1.1.6)
    signet (0.16.1)
      addressable (~> 2.8)
      faraday (>= 0.17.5, < 3.0)
      jwt (>= 1.5, < 3.0)
      multi_json (~> 1.10)
    sinatra (2.1.0)
      mustermann (~> 1.0)
      rack (~> 2.2)
      rack-protection (= 2.1.0)
      tilt (~> 2.0)
    spoon (0.0.6)
      ffi
    stud (0.0.23)
    thread_safe (0.3.6-java)
    tilt (2.0.10)
    treetop (1.6.11)
      polyglot (~> 0.3)
    tzinfo (2.0.4)
      concurrent-ruby (~> 1.0)
    tzinfo-data (1.2022.1)
      tzinfo (>= 1.0.0)
    zeitwerk (2.5.4)

PLATFORMS
  universal-java-11

DEPENDENCIES
  connectors_sdk!
  connectors_stubs!
  logstash-core!
  logstash-core-plugin-api!
  logstash-devutils (>= 0.0.16)
  logstash-input-confluence-cloud!

BUNDLED WITH
   2.3.14
